GIT
  remote: git://chouette.dryade.priv/ninoxe
  revision: 1b68352e83c2ef898fdab7cd4c4eeddba6a977d5
  specs:
    ninoxe (0.0.8)
      GeoRuby
      activerecord (~> 3.1.3)
      acts_as_list (= 0.1.6)
      composite_primary_keys (= 4.1.2)
      geokit
      rails (= 3.1.3)

GIT
  remote: git://github.com/dryade/activerecord-jdbc-adapter.git
  revision: 0bf424bc3bcaf9f44646976cc4c1a8e9e57f11b4
  specs:
    activerecord-jdbc-adapter (1.2.2)
    activerecord-jdbcpostgresql-adapter (1.2.2)
      activerecord-jdbc-adapter (~> 1.2.2)
      jdbc-postgres (>= 9.0, < 9.2)
    jdbc-sqlite3 (3.7.2)

GIT
  remote: git://github.com/dryade/acts_as_tree.git
  revision: 36ced5234beafdb3b21c2c2e2aa1686d37061497
  specs:
    acts_as_tree (1.1.0)
      activerecord (>= 3.0.0)

GIT
  remote: git://github.com/dryade/apartment.git
  revision: cd6185f55eb6d9df958599825e848af4e12a9eae
  specs:
    apartment (0.14.1)

GIT
  remote: git://github.com/dryade/ffi-proj4.git
  revision: b3d868126f939030912dcf048c9fe1b54a2ad761
  specs:
    ffi-proj4 (0.0.1)
      ffi (~> 1.0.0)

GIT
  remote: git://github.com/dryade/georuby-ext.git
  revision: 809e03122b9e7d6881f7132b90b90720eaaab766
  specs:
    georuby-ext (0.0.1)
      activesupport
      ffi-geos (~> 0.0.4)
      geokit
      georuby
      json_pure
      rgeo (~> 0.3.13)

GIT
  remote: git://github.com/thoughtbot/shoulda.git
  revision: 269edccc7df8f2eb94a96a6a6d248a5960d7fe1f
  specs:
    shoulda (3.0.1)
      shoulda-context (~> 1.0)
      shoulda-matchers (~> 1.0)

GIT
  remote: git://sim.dryade.priv/user_interface
  revision: a9f62359e65e42e9329bf4dbbd0c5a63a42119a4
  specs:
    user_interface (0.0.1)
      rails (~> 3.1.0)

GEM
  remote: http://rubygems.org/
  specs:
    GeoRuby (1.3.4)
    RedCloth (4.2.9)
    RedCloth (4.2.9-java)
    SyslogLogger (1.4.1)
    actionmailer (3.1.3)
      actionpack (= 3.1.3)
      mail (~> 2.3.0)
    actionpack (3.1.3)
      activemodel (= 3.1.3)
      activesupport (= 3.1.3)
      builder (~> 3.0.0)
      erubis (~> 2.7.0)
      i18n (~> 0.6)
      rack (~> 1.3.5)
      rack-cache (~> 1.1)
      rack-mount (~> 0.8.2)
      rack-test (~> 0.6.1)
      sprockets (~> 2.0.3)
    activemodel (3.1.3)
      activesupport (= 3.1.3)
      builder (~> 3.0.0)
      i18n (~> 0.6)
    activerecord (3.1.3)
      activemodel (= 3.1.3)
      activesupport (= 3.1.3)
      arel (~> 2.2.1)
      tzinfo (~> 0.3.29)
    activerecord-jdbcsqlite3-adapter (1.2.1)
      activerecord-jdbc-adapter (~> 1.2.1)
      jdbc-sqlite3 (~> 3.7.2)
    activeresource (3.1.3)
      activemodel (= 3.1.3)
      activesupport (= 3.1.3)
    activesupport (3.1.3)
      multi_json (~> 1.0)
    acts_as_list (0.1.6)
    addressable (2.2.8)
    arel (2.2.3)
    bcrypt-ruby (3.0.1)
    bcrypt-ruby (3.0.1-java)
    bouncy-castle-java (1.5.0146.1)
    builder (3.0.0)
    capistrano (2.12.0)
      highline
      net-scp (>= 1.0.0)
      net-sftp (>= 2.0.0)
      net-ssh (>= 2.0.14)
      net-ssh-gateway (>= 1.1.0)
    capistrano-ext (1.2.1)
      capistrano (>= 1.0.0)
    capybara (1.1.2)
      mime-types (>= 1.16)
      nokogiri (>= 1.3.3)
      rack (>= 1.0.0)
      rack-test (>= 0.5.4)
      selenium-webdriver (~> 2.0)
      xpath (~> 0.1.4)
    childprocess (0.3.2)
      ffi (~> 1.0.6)
    cocoon (1.0.20)
    coffee-rails (3.1.1)
      coffee-script (>= 2.2.0)
      railties (~> 3.1.0)
    coffee-script (2.2.0)
      coffee-script-source
      execjs
    coffee-script-source (1.3.1)
    composite_primary_keys (4.1.2)
      activerecord (~> 3.1)
    database_cleaner (0.7.2)
    delayed_job (3.0.2)
      activesupport (~> 3.0)
    delayed_job_active_record (0.3.2)
      activerecord (> 2.1.0)
      delayed_job (~> 3.0.0)
    devise (2.0.4)
      bcrypt-ruby (~> 3.0)
      orm_adapter (~> 0.0.3)
      railties (~> 3.1)
      warden (~> 1.1.1)
    diff-lcs (1.1.3)
    erubis (2.7.0)
    execjs (1.3.1)
      multi_json (~> 1.0)
    factory_girl (2.6.4)
      activesupport (>= 2.3.9)
    factory_girl_rails (1.7.0)
      factory_girl (~> 2.6.0)
      railties (>= 3.0.0)
    ffi (1.0.11)
    ffi (1.0.11-java)
    ffi-geos (0.0.4)
      ffi (~> 1.0.0)
    formtastic (2.0.2)
      rails (~> 3.0)
    geokit (1.6.5)
      multi_json
    georuby (1.9.7)
    guard (1.0.2)
      ffi (>= 0.5.0)
      thor (~> 0.14.6)
    guard-rspec (0.7.0)
      guard (>= 0.10.0)
    has_scope (0.5.1)
    highline (1.6.11)
    hike (1.2.1)
    i18n (0.6.0)
    inherited_resources (1.3.1)
      has_scope (~> 0.5.0)
      responders (~> 0.6)
    jdbc-postgres (9.0.801)
    jquery-rails (1.0.19)
      railties (~> 3.0)
      thor (~> 0.14)
    jruby-jars (1.6.7.2)
    jruby-openssl (0.7.6.1)
      bouncy-castle-java (>= 1.5.0146.1)
    jruby-rack (1.1.5)
    jruby-rack-worker (0.3-java)
      jruby-rack (>= 1.0.1)
    json (1.7.3-java)
    json_pure (1.7.3)
    launchy (2.1.0)
      addressable (~> 2.2.6)
    launchy (2.1.0-java)
      addressable (~> 2.2.6)
      ffi (~> 1.0.9)
      spoon (~> 0.0.1)
    libwebsocket (0.1.3)
      addressable
    mail (2.3.3)
      i18n (>= 0.4.0)
      mime-types (~> 1.16)
      treetop (~> 1.4.8)
    map_layers (0.0.5)
    mime-types (1.18)
    multi_json (1.3.6)
    net-scp (1.0.4)
      net-ssh (>= 1.99.1)
    net-sftp (2.0.5)
      net-ssh (>= 2.0.9)
    net-ssh (2.3.0)
    net-ssh-gateway (1.1.0)
      net-ssh (>= 1.99.1)
    nokogiri (1.5.2)
    nokogiri (1.5.2-java)
    orm_adapter (0.0.7)
    polyamorous (0.5.0)
      activerecord (~> 3.0)
    polyglot (0.3.3)
    rack (1.3.6)
    rack-cache (1.2)
      rack (>= 0.4)
    rack-mount (0.8.3)
      rack (>= 1.0.0)
    rack-ssl (1.3.2)
      rack
    rack-test (0.6.1)
      rack (>= 1.0)
    rails (3.1.3)
      actionmailer (= 3.1.3)
      actionpack (= 3.1.3)
      activerecord (= 3.1.3)
      activeresource (= 3.1.3)
      activesupport (= 3.1.3)
      bundler (~> 1.0)
      railties (= 3.1.3)
    railties (3.1.3)
      actionpack (= 3.1.3)
      activesupport (= 3.1.3)
      rack-ssl (~> 1.3.2)
      rake (>= 0.8.7)
      rdoc (~> 3.4)
      thor (~> 0.14.6)
    rake (0.9.2.2)
    ransack (0.6.0)
      actionpack (~> 3.0)
      activerecord (~> 3.0)
      polyamorous (~> 0.5.0)
    rdoc (3.12)
      json (~> 1.4)
    remarkable (4.0.0.alpha4)
      rspec (>= 2.0.0.alpha11)
    remarkable_activemodel (4.0.0.alpha4)
      remarkable (~> 4.0.0.alpha4)
      rspec (>= 2.0.0.alpha11)
    remarkable_activerecord (4.0.0.alpha4)
      remarkable (~> 4.0.0.alpha4)
      remarkable_activemodel (~> 4.0.0.alpha4)
      rspec (>= 2.0.0.alpha11)
    responders (0.9.1)
      railties (~> 3.1)
    rgeo (0.3.13)
    rspec (2.10.0)
      rspec-core (~> 2.10.0)
      rspec-expectations (~> 2.10.0)
      rspec-mocks (~> 2.10.0)
    rspec-core (2.10.0)
    rspec-expectations (2.10.0)
      diff-lcs (~> 1.1.3)
    rspec-mocks (2.10.1)
    rspec-rails (2.10.1)
      actionpack (>= 3.0)
      activesupport (>= 3.0)
      railties (>= 3.0)
      rspec (~> 2.10.0)
    rubyzip (0.9.8)
    sass (3.1.18)
    sass-rails (3.1.4)
      actionpack (~> 3.1.0)
      railties (~> 3.1.0)
      sass (>= 3.1.4)
      sprockets (~> 2.0.0)
      tilt (~> 1.3.2)
    selenium-webdriver (2.21.2)
      childprocess (>= 0.2.5)
      ffi (~> 1.0)
      libwebsocket (~> 0.1.3)
      multi_json (~> 1.0)
      rubyzip
    shoulda-context (1.0.0)
    shoulda-matchers (1.1.0)
      activesupport (>= 3.0.0)
    spoon (0.0.1)
    sprockets (2.0.4)
      hike (~> 1.2)
      rack (~> 1.0)
      tilt (~> 1.1, != 1.3.0)
    squeel (1.0.1)
      activerecord (~> 3.0)
      activesupport (~> 3.0)
      polyamorous (~> 0.5.0)
    therubyrhino (1.73.3)
    thor (0.14.6)
    tilt (1.3.3)
    treetop (1.4.10)
      polyglot
      polyglot (>= 0.3.1)
    tzinfo (0.3.33)
    uglifier (1.2.4)
      execjs (>= 0.3.0)
      multi_json (>= 1.0.2)
    warbler (1.3.5)
      jruby-jars (>= 1.4.0)
      jruby-rack (>= 1.0.0)
      rake (>= 0.8.7)
      rubyzip (>= 0.9.4)
    warden (1.1.1)
      rack (>= 1.0)
    will_paginate (3.0.3)
    xpath (0.1.4)
      nokogiri (~> 1.3)

PLATFORMS
  java

DEPENDENCIES
  RedCloth
  SyslogLogger
  activerecord-jdbcpostgresql-adapter!
  activerecord-jdbcsqlite3-adapter
  acts_as_list (= 0.1.6)
  acts_as_tree!
  apartment!
  capistrano
  capistrano-ext
  capybara
  cocoon
  coffee-rails (~> 3.1.1)
  coffee-script-source
  composite_primary_keys (= 4.1.2)
  database_cleaner
  delayed_job_active_record
  devise
  factory_girl_rails (= 1.7)
  ffi-proj4!
  formtastic (= 2.0.2)
  georuby-ext!
  guard
  guard-rspec
  inherited_resources
  jquery-rails
  jruby-openssl
  jruby-rack-worker
  json
  launchy
  map_layers (~> 0.0.4)
  ninoxe!
  pg (~> 0.11.0)
  rails (= 3.1.3)
  ransack
  remarkable (~> 4.0.0.alpha4)
  remarkable_activerecord (~> 4.0.0.alpha4)
  rspec
  rspec-rails
  sass-rails (= 3.1.4)
  shoulda!
  sqlite3
  squeel
  therubyrhino
  uglifier (>= 1.0.3)
  user_interface!
  warbler
  will_paginate (~> 3.0)
