GIT
  remote: git://chouette.dryade.priv/ninoxe
  revision: 9316aad70e697159307179a3ac81d1efe38be4e3
  specs:
    ninoxe (0.0.8)
      GeoRuby
      activerecord (>= 3.1.3)
      acts_as_list (= 0.1.6)
      composite_primary_keys (>= 4.1.2)
      geokit
      rails (>= 3.1.3)

GIT
  remote: git://github.com/dnagir/database_cleaner.git
  revision: 0c0aa44f13ae392000a6f506b62d5d1602cb4e53
  branch: postgre_jruby_issue
  specs:
    database_cleaner (0.7.0)

GIT
  remote: git://github.com/dryade/activerecord-jdbc-adapter.git
  revision: 0bf424bc3bcaf9f44646976cc4c1a8e9e57f11b4
  specs:
    activerecord-jdbc-adapter (1.2.2)
    activerecord-jdbcpostgresql-adapter (1.2.2)
      activerecord-jdbc-adapter (~> 1.2.2)
      jdbc-postgres (>= 9.0, < 9.2)
    jdbc-sqlite3 (3.7.2)

GIT
  remote: git://github.com/dryade/acts_as_tree.git
  revision: 36ced5234beafdb3b21c2c2e2aa1686d37061497
  specs:
    acts_as_tree (1.1.0)
      activerecord (>= 3.0.0)

GIT
  remote: git://github.com/dryade/apartment.git
  revision: cd6185f55eb6d9df958599825e848af4e12a9eae
  specs:
    apartment (0.14.1)

GIT
  remote: git://github.com/dryade/ffi-proj4.git
  revision: 7ae89176e8ddc1c2175192ecbff0e9cffbedcb99
  specs:
    ffi-proj4 (0.0.1)
      ffi (~> 1.0.0)

GIT
  remote: git://github.com/dryade/georuby-ext.git
  revision: be03b9d2e43f970eb368ab52c19b9dbfc68cc540
  specs:
    georuby-ext (0.0.1)
      activesupport
      ffi-geos (~> 0.0.4)
      geokit
      georuby
      json_pure
      rgeo (~> 0.3.8)

GIT
  remote: git://sim.dryade.priv/user_interface
  revision: 2d551a49dc3942851f5f94f8c0f86d2570f80dd2
  specs:
    user_interface (0.0.1)
      rails (> 3.1.0)

GEM
  remote: http://rubygems.org/
  specs:
    GeoRuby (1.3.4)
    RedCloth (4.2.9)
    RedCloth (4.2.9-java)
    SyslogLogger (1.4.1)
    actionmailer (3.2.6)
      actionpack (= 3.2.6)
      mail (~> 2.4.4)
    actionpack (3.2.6)
      activemodel (= 3.2.6)
      activesupport (= 3.2.6)
      builder (~> 3.0.0)
      erubis (~> 2.7.0)
      journey (~> 1.0.1)
      rack (~> 1.4.0)
      rack-cache (~> 1.2)
      rack-test (~> 0.6.1)
      sprockets (~> 2.1.3)
    activemodel (3.2.6)
      activesupport (= 3.2.6)
      builder (~> 3.0.0)
    activerecord (3.2.6)
      activemodel (= 3.2.6)
      activesupport (= 3.2.6)
      arel (~> 3.0.2)
      tzinfo (~> 0.3.29)
    activerecord-jdbcsqlite3-adapter (1.2.1)
      activerecord-jdbc-adapter (~> 1.2.1)
      jdbc-sqlite3 (~> 3.7.2)
    activeresource (3.2.6)
      activemodel (= 3.2.6)
      activesupport (= 3.2.6)
    activesupport (3.2.6)
      i18n (~> 0.6)
      multi_json (~> 1.0)
    acts_as_list (0.1.6)
    addressable (2.2.8)
    arel (3.0.2)
    bcrypt-ruby (3.0.1)
    bcrypt-ruby (3.0.1-java)
    bouncy-castle-java (1.5.0146.1)
    builder (3.0.0)
    capistrano (2.12.0)
      highline
      net-scp (>= 1.0.0)
      net-sftp (>= 2.0.0)
      net-ssh (>= 2.0.14)
      net-ssh-gateway (>= 1.1.0)
    capistrano-ext (1.2.1)
      capistrano (>= 1.0.0)
    capybara (1.1.2)
      mime-types (>= 1.16)
      nokogiri (>= 1.3.3)
      rack (>= 1.0.0)
      rack-test (>= 0.5.4)
      selenium-webdriver (~> 2.0)
      xpath (~> 0.1.4)
    childprocess (0.3.4)
      ffi (~> 1.0, >= 1.0.6)
    cocoon (1.0.22)
    coffee-rails (3.2.2)
      coffee-script (>= 2.2.0)
      railties (~> 3.2.0)
    coffee-script (2.2.0)
      coffee-script-source
      execjs
    coffee-script-source (1.3.3)
    composite_primary_keys (5.0.8)
      activerecord (~> 3.2.0)
    delayed_job (3.0.3)
      activesupport (~> 3.0)
    delayed_job_active_record (0.3.2)
      activerecord (> 2.1.0)
      delayed_job (~> 3.0.0)
    devise (2.1.2)
      bcrypt-ruby (~> 3.0)
      orm_adapter (~> 0.1)
      railties (~> 3.1)
      warden (~> 1.2.1)
    diff-lcs (1.1.3)
    erubis (2.7.0)
    execjs (1.4.0)
      multi_json (~> 1.0)
    factory_girl (2.6.4)
      activesupport (>= 2.3.9)
    factory_girl_rails (1.7.0)
      factory_girl (~> 2.6.0)
      railties (>= 3.0.0)
    ffi (1.0.11)
    ffi (1.0.11-java)
    ffi-geos (0.0.4)
      ffi (~> 1.0.0)
    formtastic (2.2.1)
      actionpack (>= 3.0)
    geokit (1.6.5)
      multi_json
    georuby (1.9.7)
    guard (1.2.3)
      listen (>= 0.4.2)
      thor (>= 0.14.6)
    guard-rspec (1.2.0)
      guard (>= 1.1)
    has_scope (0.5.1)
    highline (1.6.13)
    hike (1.2.1)
    i18n (0.6.0)
    inherited_resources (1.3.1)
      has_scope (~> 0.5.0)
      responders (~> 0.6)
    jdbc-postgres (9.0.801)
    journey (1.0.4)
    jquery-rails (2.0.2)
      railties (>= 3.2.0, < 5.0)
      thor (~> 0.14)
    jruby-jars (1.6.7.2)
    jruby-openssl (0.7.7)
      bouncy-castle-java (>= 1.5.0146.1)
    jruby-rack (1.1.7)
    jruby-rack-worker (0.4-java)
      jruby-rack (>= 1.1.1)
    json (1.7.3)
    json (1.7.3-java)
    json_pure (1.7.3)
    launchy (2.1.0)
      addressable (~> 2.2.6)
    launchy (2.1.0-java)
      addressable (~> 2.2.6)
      ffi (~> 1.0.9)
      spoon (~> 0.0.1)
    libwebsocket (0.1.4)
      addressable
    listen (0.4.7)
      rb-fchange (~> 0.0.5)
      rb-fsevent (~> 0.9.1)
      rb-inotify (~> 0.8.8)
    mail (2.4.4)
      i18n (>= 0.4.0)
      mime-types (~> 1.16)
      treetop (~> 1.4.8)
    map_layers (0.0.5)
    mime-types (1.19)
    modernizr-rails (2.0.6)
    multi_json (1.3.6)
    net-scp (1.0.4)
      net-ssh (>= 1.99.1)
    net-sftp (2.0.5)
      net-ssh (>= 2.0.9)
    net-ssh (2.5.2)
    net-ssh-gateway (1.1.0)
      net-ssh (>= 1.99.1)
    nokogiri (1.5.5)
    nokogiri (1.5.5-java)
    orm_adapter (0.4.0)
    polyamorous (0.5.0)
      activerecord (~> 3.0)
    polyglot (0.3.3)
    rack (1.4.1)
    rack-cache (1.2)
      rack (>= 0.4)
    rack-ssl (1.3.2)
      rack
    rack-test (0.6.1)
      rack (>= 1.0)
    rails (3.2.6)
      actionmailer (= 3.2.6)
      actionpack (= 3.2.6)
      activerecord (= 3.2.6)
      activeresource (= 3.2.6)
      activesupport (= 3.2.6)
      bundler (~> 1.0)
      railties (= 3.2.6)
    railties (3.2.6)
      actionpack (= 3.2.6)
      activesupport (= 3.2.6)
      rack-ssl (~> 1.3.2)
      rake (>= 0.8.7)
      rdoc (~> 3.4)
      thor (>= 0.14.6, < 2.0)
    rake (0.9.2.2)
    ransack (0.6.0)
      actionpack (~> 3.0)
      activerecord (~> 3.0)
      polyamorous (~> 0.5.0)
    rb-fchange (0.0.5)
      ffi
    rb-fsevent (0.9.1)
    rb-inotify (0.8.8)
      ffi (>= 0.5.0)
    rdoc (3.12)
      json (~> 1.4)
    remarkable (4.0.0.alpha4)
      rspec (>= 2.0.0.alpha11)
    remarkable_activemodel (4.0.0.alpha4)
      remarkable (~> 4.0.0.alpha4)
      rspec (>= 2.0.0.alpha11)
    remarkable_activerecord (4.0.0.alpha4)
      remarkable (~> 4.0.0.alpha4)
      remarkable_activemodel (~> 4.0.0.alpha4)
      rspec (>= 2.0.0.alpha11)
    responders (0.9.2)
      railties (~> 3.1)
    rgeo (0.3.14)
    rspec (2.11.0)
      rspec-core (~> 2.11.0)
      rspec-expectations (~> 2.11.0)
      rspec-mocks (~> 2.11.0)
    rspec-core (2.11.1)
    rspec-expectations (2.11.1)
      diff-lcs (~> 1.1.3)
    rspec-mocks (2.11.1)
    rspec-rails (2.11.0)
      actionpack (>= 3.0)
      activesupport (>= 3.0)
      railties (>= 3.0)
      rspec (~> 2.11.0)
    rubyzip (0.9.9)
    sass (3.1.20)
    sass-rails (3.2.5)
      railties (~> 3.2.0)
      sass (>= 3.1.10)
      tilt (~> 1.3)
    selenium-webdriver (2.25.0)
      childprocess (>= 0.2.5)
      libwebsocket (~> 0.1.3)
      multi_json (~> 1.0)
      rubyzip
    shoulda-matchers (1.2.0)
      activesupport (>= 3.0.0)
    spoon (0.0.1)
    sprockets (2.1.3)
      hike (~> 1.2)
      rack (~> 1.0)
      tilt (~> 1.1, != 1.3.0)
    squeel (1.0.7)
      activerecord (~> 3.0)
      activesupport (~> 3.0)
      polyamorous (~> 0.5.0)
    therubyrhino (1.73.4)
    thor (0.15.4)
    tilt (1.3.3)
    treetop (1.4.10)
      polyglot
      polyglot (>= 0.3.1)
    tzinfo (0.3.33)
    uglifier (1.2.6)
      execjs (>= 0.3.0)
      multi_json (~> 1.3)
    warbler (1.3.5)
      jruby-jars (>= 1.4.0)
      jruby-rack (>= 1.0.0)
      rake (>= 0.8.7)
      rubyzip (>= 0.9.4)
    warden (1.2.1)
      rack (>= 1.0)
    will_paginate (3.0.3)
    xpath (0.1.4)
      nokogiri (~> 1.3)

PLATFORMS
  java

DEPENDENCIES
  RedCloth
  SyslogLogger
  activerecord-jdbcpostgresql-adapter!
  activerecord-jdbcsqlite3-adapter
  acts_as_list (= 0.1.6)
  acts_as_tree!
  apartment!
  capistrano
  capistrano-ext
  capybara
  cocoon
  coffee-rails (~> 3.2.1)
  coffee-script-source
  database_cleaner!
  delayed_job_active_record
  devise
  factory_girl_rails (= 1.7)
  ffi-proj4!
  formtastic
  georuby-ext!
  guard
  guard-rspec
  inherited_resources
  jquery-rails
  jruby-openssl
  jruby-rack-worker
  json
  launchy
  map_layers (~> 0.0.4)
  modernizr-rails (~> 2.0.6)
  ninoxe!
  pg (~> 0.11.0)
  rails (= 3.2.6)
  ransack
  rb-inotify
  remarkable (~> 4.0.0.alpha4)
  remarkable_activerecord (~> 4.0.0.alpha4)
  rspec
  rspec-rails
  sass-rails (~> 3.2.3)
  shoulda-matchers
  sqlite3
  squeel
  therubyracer
  therubyrhino
  uglifier (>= 1.0.3)
  user_interface!
  warbler
  will_paginate (~> 3.0)
